GEM
  remote: https://rubygems.org/
  specs:
    bitters (1.0.0)
      bourbon (>= 3.2)
      sass (>= 3.2)
      thor
    bourbon (4.1.1)
      sass (~> 3.3)
      thor
    neat (1.7.1)
      bourbon (>= 4.0)
      sass (>= 3.3)
    rack (1.6.0)
    rack-protection (1.5.3)
      rack
    sass (3.4.11)
    sinatra (1.4.5)
      rack (~> 1.4)
      rack-protection (~> 1.4)
      tilt (~> 1.3, >= 1.3.4)
    thor (0.19.1)
    tilt (1.4.1)

PLATFORMS
  ruby

DEPENDENCIES
  bitters
  bourbon
  neat
  sass
  sinatra
