GEM
  remote: https://rubygems.org/
  specs:
    bitters (1.0.0)
      bourbon (>= 3.2)
      sass (>= 3.2)
      thor
    bourbon (4.1.1)
      sass (~> 3.3)
      thor
    coffee (0.0.5)
      httparty
      json_pure
      thor
    httparty (0.13.3)
      json (~> 1.8)
      multi_xml (>= 0.5.2)
    json (1.8.2)
    json_pure (1.8.2)
    multi_xml (0.5.5)
    neat (1.7.1)
      bourbon (>= 4.0)
      sass (>= 3.3)
    rack (1.6.0)
    rack-protection (1.5.3)
      rack
    sass (3.4.11)
    sinatra (1.4.5)
      rack (~> 1.4)
      rack-protection (~> 1.4)
      tilt (~> 1.3, >= 1.3.4)
    thor (0.19.1)
    tilt (1.4.1)

PLATFORMS
  ruby

DEPENDENCIES
  bitters
  bourbon
  coffee
  neat
  sass
  sinatra
